GIT
  remote: git://github.com/sinatra/sinatra.git
  revision: 4750d087552dc7cb9cd2ab29b60b5a57e39751af
  specs:
    rack-protection (2.0.0)
      rack
    sinatra (2.0.0)
      mustermann (~> 1.0)
      rack (~> 2.0)
      rack-protection (= 2.0.0)
      tilt (~> 2.0)
    sinatra-contrib (2.0.0)
      backports (>= 2.0)
      multi_json
      mustermann (~> 1.0)
      rack-protection (= 2.0.0)
      sinatra (= 2.0.0)
      tilt (>= 1.3, < 3)

GEM
  remote: https://rubygems.org/
  specs:
    activesupport (5.1.3)
      concurrent-ruby (~> 1.0, >= 1.0.2)
      i18n (~> 0.7)
      minitest (~> 5.1)
      tzinfo (~> 1.1)
    backports (3.8.0)
    concurrent-ruby (1.0.5)
    foreman (0.84.0)
      thor (~> 0.19.1)
    hashie (3.5.6)
    i18n (0.8.6)
    json (2.1.0)
    kgio (2.11.0)
    lingr_bot (0.0.5)
      activesupport (>= 3)
      hashie
      json
    minitest (5.10.3)
    multi_json (1.12.1)
    mustermann (1.0.1)
    rack (2.0.3)
    raindrops (0.19.0)
    thor (0.19.4)
    thread_safe (0.3.6)
    tilt (2.0.8)
    tzinfo (1.2.3)
      thread_safe (~> 0.1)
    unicorn (5.3.0)
      kgio (~> 2.6)
      raindrops (~> 0.7)

PLATFORMS
  ruby

DEPENDENCIES
  foreman
  lingr_bot
  sinatra
  sinatra-contrib!
  unicorn

RUBY VERSION
   ruby 2.4.1p111

BUNDLED WITH
   1.15.1
